GEM
  remote: https://rubygems.org/
  specs:
    aws-eventstream (1.2.0)
    aws-partitions (1.730.0)
    aws-sdk-core (3.170.1)
      aws-eventstream (~> 1, >= 1.0.2)
      aws-partitions (~> 1, >= 1.651.0)
      aws-sigv4 (~> 1.5)
      jmespath (~> 1, >= 1.6.1)
    aws-sdk-rekognition (1.74.0)
      aws-sdk-core (~> 3, >= 3.165.0)
      aws-sigv4 (~> 1.1)
    aws-sigv4 (1.5.2)
      aws-eventstream (~> 1, >= 1.0.2)
    jmespath (1.6.2)

PLATFORMS
  arm64-darwin-21
  ruby

DEPENDENCIES
  aws-sdk-rekognition (>= 1.74.0)

RUBY VERSION
   ruby 2.7.0p0

BUNDLED WITH
   2.3.7
